GEM
  remote: https://rubygems.org/
  specs:
    redis (2.2.2)

PLATFORMS
  ruby

DEPENDENCIES
  redis
